GEM
  remote: https://rubygems.org/
  specs:
    activemodel (6.0.3.3)
      activesupport (= 6.0.3.3)
    activerecord (6.0.3.3)
      activemodel (= 6.0.3.3)
      activesupport (= 6.0.3.3)
    activesupport (6.0.3.3)
      concurrent-ruby (~> 1.0, >= 1.0.2)
      i18n (>= 0.7, < 2)
      minitest (~> 5.1)
      tzinfo (~> 1.1)
      zeitwerk (~> 2.2, >= 2.2.2)
    bugsnag (6.17.0)
      concurrent-ruby (~> 1.0)
    concurrent-ruby (1.1.7)
    dotenv (2.7.6)
    httparty (0.18.1)
      mime-types (~> 3.0)
      multi_xml (>= 0.5.2)
    i18n (1.8.5)
      concurrent-ruby (~> 1.0)
    mime-types (3.3.1)
      mime-types-data (~> 3.2015)
    mime-types-data (3.2020.0512)
    minitest (5.14.2)
    multi_xml (0.6.0)
    pg (1.2.3)
    plissken (1.3.1)
    thread_safe (0.3.6)
    tzinfo (1.2.7)
      thread_safe (~> 0.1)
    zeitwerk (2.4.0)

PLATFORMS
  ruby

DEPENDENCIES
  activerecord
  activesupport
  bugsnag
  dotenv
  httparty
  pg
  plissken

RUBY VERSION
   ruby 2.5.8p224

BUNDLED WITH
   2.1.4
